GEM
  remote: https://rubygems.org/
  specs:
    aws-sdk (2.1.8)
      aws-sdk-resources (= 2.1.8)
    aws-sdk-core (2.1.8)
      jmespath (~> 1.0)
    aws-sdk-resources (2.1.8)
      aws-sdk-core (= 2.1.8)
    jmespath (1.6.1)
    open4 (1.3.4)

PLATFORMS
  ruby

DEPENDENCIES
  aws-sdk
  open4

BUNDLED WITH
   1.10.5
